GIT
  remote: https://github.com/ruby/ruby.wasm
  revision: faa5102052ec265ed69fdbc91c812814487c97d2
  ref: 2024-06-15-a
  specs:
    ruby_wasm (2.6.1)

GIT
  remote: https://github.com/ruby/ruby.wasm
  revision: faa5102052ec265ed69fdbc91c812814487c97d2
  ref: 2024-06-15-a
  glob: packages/gems/js/*.gemspec
  specs:
    js (2.6.1)

GEM
  remote: https://rubygems.org/
  specs:

PLATFORMS
  ruby
  x86_64-linux

DEPENDENCIES
  js!
  ruby_wasm!

BUNDLED WITH
   2.5.3
