GEM
  remote: https://rubygems.org/
  specs:
    js (2.6.1)
    ruby_wasm (2.6.1)
    ruby_wasm (2.6.1-x86_64-linux)

PLATFORMS
  ruby
  x86_64-linux

DEPENDENCIES
  js (= 2.6.1)
  ruby_wasm (= 2.6.1)

BUNDLED WITH
   2.5.3
